GEM
  remote: http://rubygems.org/
  specs:
    activesupport (3.0.1)
    compass (0.10.6)
      haml (>= 3.0.4)
    diff-lcs (1.1.2)
    gemcutter (0.6.1)
    git (1.2.5)
    haml (3.0.23)
    i18n (0.4.2)
    jeweler (1.4.0)
      gemcutter (>= 0.1.0)
      git (>= 1.2.5)
      rubyforge (>= 2.0.0)
    json_pure (1.4.6)
    rack (1.2.1)
    rake (0.8.7)
    rspec (2.0.1)
      rspec-core (~> 2.0.1)
      rspec-expectations (~> 2.0.1)
      rspec-mocks (~> 2.0.1)
    rspec-core (2.0.1)
    rspec-expectations (2.0.1)
      diff-lcs (>= 1.1.2)
    rspec-mocks (2.0.1)
      rspec-core (~> 2.0.1)
      rspec-expectations (~> 2.0.1)
    rubyforge (2.0.4)
      json_pure (>= 1.1.7)
    tilt (1.2.2)
    tzinfo (0.3.23)

PLATFORMS
  ruby

DEPENDENCIES
  activesupport (~> 3.0.1)
  compass (~> 0.10.6)
  haml (~> 3.0.23)
  i18n (~> 0.4.2)
  jeweler (~> 1.4.0)
  rack (~> 1.2.1)
  rake (~> 0.8.7)
  rspec (~> 2.0.1)
  tilt (= 1.2.2)
  tzinfo (~> 0.3.23)
